GEM
  remote: http://rubygems.org/
  specs:
    addressable (2.8.1)
      public_suffix (>= 2.0.2, < 6.0)
    builder (3.2.4)
    capybara (3.38.0)
      addressable
      matrix
      mini_mime (>= 0.1.3)
      nokogiri (~> 1.8)
      rack (>= 1.6.0)
      rack-test (>= 0.6.3)
      regexp_parser (>= 1.5, < 3.0)
      xpath (~> 3.2)
    cucumber (1.3.20)
      builder (>= 2.1.2)
      diff-lcs (>= 1.1.3)
      gherkin (~> 2.12)
      multi_json (>= 1.7.5, < 2.0)
      multi_test (>= 0.1.2)
    diff-lcs (1.5.0)
    ffi (1.15.5)
    gherkin (2.12.2)
      multi_json (~> 1.3)
    matrix (0.4.2)
    mime-types (2.99.3)
    mini_mime (1.1.2)
    multi_json (1.15.0)
    multi_test (1.1.0)
    nokogiri (1.14.2-arm64-darwin)
      racc (~> 1.4)
    parallel (1.22.1)
    parallel_tests (4.2.0)
      parallel
    public_suffix (5.0.1)
    racc (1.6.2)
    rack (3.0.4.2)
    rack-test (2.0.2)
      rack (>= 1.3)
    rake (13.0.6)
    regexp_parser (2.7.0)
    rexml (3.2.5)
    rspec (3.12.0)
      rspec-core (~> 3.12.0)
      rspec-expectations (~> 3.12.0)
      rspec-mocks (~> 3.12.0)
    rspec-core (3.12.1)
      rspec-support (~> 3.12.0)
    rspec-expectations (3.12.2)
      diff-lcs (>= 1.2.0, < 2.0)
      rspec-support (~> 3.12.0)
    rspec-mocks (3.12.3)
      diff-lcs (>= 1.2.0, < 2.0)
      rspec-support (~> 3.12.0)
    rspec-support (3.12.0)
    rubyzip (2.3.2)
    selenium-webdriver (4.8.1)
      rexml (~> 3.2, >= 3.2.5)
      rubyzip (>= 1.2.2, < 3.0)
      websocket (~> 1.0)
    websocket (1.2.9)
    xpath (3.2.0)
      nokogiri (~> 1.8)

PLATFORMS
  arm64-darwin-21

DEPENDENCIES
  capybara
  cucumber
  ffi
  mime-types (~> 2.0)
  parallel_tests
  rake
  rspec
  selenium-webdriver

BUNDLED WITH
   2.3.26
